PATH
  remote: .
  specs:
    exegesis (0.0.1)
      celluloid
      rake

GEM
  remote: https://rubygems.org/
  specs:
    bahia (0.7.2)
      open4 (~> 1.3.0)
    celluloid (0.11.1)
      timers (>= 1.0.0)
    coderay (1.0.7)
    diff-lcs (1.1.3)
    json (1.7.5)
    kramdown (0.13.7)
    method_source (0.8)
    open4 (1.3.0)
    pry (0.9.10)
      coderay (~> 1.0.5)
      method_source (~> 0.8)
      slop (~> 3.3.1)
    pry-doc (0.4.4)
      pry (>= 0.9.9.6)
      yard (~> 0.8.1)
    rake (0.9.2.2)
    rdoc (3.12)
      json (~> 1.4)
    rspec (2.11.0)
      rspec-core (~> 2.11.0)
      rspec-expectations (~> 2.11.0)
      rspec-mocks (~> 2.11.0)
    rspec-core (2.11.1)
    rspec-expectations (2.11.2)
      diff-lcs (~> 1.1.3)
    rspec-mocks (2.11.2)
    rspec-spies (2.1.0)
      rspec (~> 2.0)
    slop (3.3.2)
    timers (1.0.1)
    yard (0.8.2.1)

PLATFORMS
  ruby

DEPENDENCIES
  bahia
  exegesis!
  kramdown
  pry
  pry-doc
  rdoc
  rspec
  rspec-spies
  yard
